GEM
  remote: http://rubygems.org/
  specs:
    rake (0.9.2.2)
    rb-fsevent (0.9.1)
    sass (3.2.1)

PLATFORMS
  ruby

DEPENDENCIES
  rake
  rb-fsevent
  sass (~> 3.2)
